PATH
  remote: .
  specs:
    philips_hue (0.1.8)
      httparty (>= 0.10.0)
      json (>= 1.6)

GEM
  remote: http://rubygems.org/
  specs:
    awesome_print (1.1.0)
    coderay (1.0.9)
    httparty (0.10.2)
      multi_json (~> 1.0)
      multi_xml (>= 0.5.2)
    json (1.7.7)
    method_source (0.8.1)
    multi_json (1.6.1)
    multi_xml (0.5.3)
    pry (0.9.12)
      coderay (~> 1.0.5)
      method_source (~> 0.8)
      slop (~> 3.4)
    slop (3.4.3)

PLATFORMS
  ruby

DEPENDENCIES
  awesome_print
  philips_hue!
  pry
