PATH
  remote: .
  specs:
    philips_hue (0.1.9)
      httparty (>= 0.10.0)
      json_pure (>= 1.6)

GEM
  remote: https://rubygems.org/
  specs:
    awesome_print (1.1.0)
    coderay (1.0.9)
    httparty (0.12.0)
      json (~> 1.8)
      multi_xml (>= 0.5.2)
    json (1.8.1)
    json_pure (1.8.1)
    method_source (0.8.1)
    multi_xml (0.5.5)
    pry (0.9.12)
      coderay (~> 1.0.5)
      method_source (~> 0.8)
      slop (~> 3.4)
    rake (10.0.2)
    slop (3.4.3)

PLATFORMS
  ruby

DEPENDENCIES
  awesome_print
  philips_hue!
  pry
  rake
